PATH
  remote: .
  specs:
    foreman_gridscale (1.3.0)
      fog-gridscale (~> 0.1)

GEM
  remote: https://rubygems.org/
  specs:
    ast (2.4.2)
    builder (3.2.4)
    excon (0.100.0)
    fog-core (2.3.0)
      builder
      excon (~> 0.71)
      formatador (>= 0.2, < 2.0)
      mime-types
    fog-gridscale (0.1.5)
      fog-core
      fog-json
    fog-json (1.2.0)
      fog-core
      multi_json (~> 1.10)
    formatador (1.1.0)
    mime-types (3.4.1)
      mime-types-data (~> 3.2015)
    mime-types-data (3.2023.0218.1)
    multi_json (1.15.0)
    parallel (1.23.0)
    parser (3.2.2.3)
      ast (~> 2.4.1)
      racc
    psych (5.1.0)
      stringio
    racc (1.7.0)
    rainbow (3.1.1)
    rdoc (6.5.0)
      psych (>= 4.0.0)
    regexp_parser (2.8.0)
    rexml (3.2.5)
    rubocop (0.93.1)
      parallel (~> 1.10)
      parser (>= 2.7.1.5)
      rainbow (>= 2.2.2, < 4.0)
      regexp_parser (>= 1.8)
      rexml
      rubocop-ast (>= 0.6.0)
      ruby-progressbar (~> 1.7)
      unicode-display_width (>= 1.4.0, < 2.0)
    rubocop-ast (1.29.0)
      parser (>= 3.2.1.0)
    ruby-progressbar (1.13.0)
    stringio (3.0.7)
    unicode-display_width (1.8.0)

PLATFORMS
  ruby

DEPENDENCIES
  foreman_gridscale!
  rdoc (~> 6.1)
  rubocop (~> 0.61)

BUNDLED WITH
   1.16.2
